GEM
  remote: http://rubygems.org/
  specs:
    nokogiri (1.5.5)
    nokogiri (1.5.5-java)

PLATFORMS
  java
  ruby

DEPENDENCIES
  nokogiri
